STORAGE: NONE
RESTRICTION: || (== net5.0) (== netstandard2.0) (== netstandard2.1)
NUGET
  remote: https://api.nuget.org/v3/index.json
    Humanizer.Core (2.13.14)
    Microsoft.Bcl.AsyncInterfaces (6.0)
      System.Threading.Tasks.Extensions (>= 4.5.4) - restriction: || (&& (== net5.0) (>= net461)) (&& (== net5.0) (< netstandard2.1)) (== netstandard2.0) (&& (== netstandard2.1) (>= net461))
    Microsoft.CodeAnalysis.Analyzers (3.3.3)
    Microsoft.CodeAnalysis.Common (4.0.1)
      Microsoft.CodeAnalysis.Analyzers (>= 3.3.2)
      System.Collections.Immutable (>= 5.0)
      System.Memory (>= 4.5.4)
      System.Reflection.Metadata (>= 5.0)
      System.Runtime.CompilerServices.Unsafe (>= 5.0)
      System.Text.Encoding.CodePages (>= 4.5.1)
      System.Threading.Tasks.Extensions (>= 4.5.4)
    Microsoft.CodeAnalysis.CSharp (4.0.1)
      Microsoft.CodeAnalysis.Common (4.0.1)
    Microsoft.CodeAnalysis.CSharp.Workspaces (4.0.1)
      Humanizer.Core (>= 2.2)
      Microsoft.CodeAnalysis.Common (4.0.1)
      Microsoft.CodeAnalysis.CSharp (4.0.1)
      Microsoft.CodeAnalysis.Workspaces.Common (4.0.1)
    Microsoft.CodeAnalysis.Workspaces.Common (4.0.1)
      Humanizer.Core (>= 2.2)
      Microsoft.Bcl.AsyncInterfaces (>= 5.0)
      Microsoft.CodeAnalysis.Common (4.0.1)
      System.Composition (>= 1.0.31)
      System.IO.Pipelines (>= 5.0.1)
    System.Buffers (4.5.1) - restriction: || (&& (== net5.0) (>= net461)) (&& (== net5.0) (< netcoreapp3.1)) (== netstandard2.0) (== netstandard2.1)
    System.Collections.Immutable (6.0)
      System.Memory (>= 4.5.4)
      System.Runtime.CompilerServices.Unsafe (>= 6.0)
    System.Composition (6.0)
      System.Composition.AttributedModel (>= 6.0)
      System.Composition.Convention (>= 6.0)
      System.Composition.Hosting (>= 6.0)
      System.Composition.Runtime (>= 6.0)
      System.Composition.TypedParts (>= 6.0)
    System.Composition.AttributedModel (6.0)
    System.Composition.Convention (6.0)
      System.Composition.AttributedModel (>= 6.0)
    System.Composition.Hosting (6.0)
      System.Composition.Runtime (>= 6.0)
    System.Composition.Runtime (6.0)
    System.Composition.TypedParts (6.0)
      System.Composition.AttributedModel (>= 6.0)
      System.Composition.Hosting (>= 6.0)
      System.Composition.Runtime (>= 6.0)
    System.IO.Pipelines (6.0.1)
      System.Buffers (>= 4.5.1) - restriction: || (&& (== net5.0) (>= net461)) (&& (== net5.0) (< netcoreapp3.1)) (== netstandard2.0) (== netstandard2.1)
      System.Memory (>= 4.5.4) - restriction: || (&& (== net5.0) (>= net461)) (&& (== net5.0) (< netcoreapp3.1)) (== netstandard2.0) (== netstandard2.1)
      System.Threading.Tasks.Extensions (>= 4.5.4) - restriction: || (&& (== net5.0) (>= net461)) (&& (== net5.0) (< netcoreapp3.1)) (== netstandard2.0) (== netstandard2.1)
    System.Memory (4.5.4)
      System.Buffers (>= 4.5.1) - restriction: || (&& (== net5.0) (>= monotouch)) (&& (== net5.0) (>= net461)) (&& (== net5.0) (< netcoreapp2.0)) (&& (== net5.0) (< netstandard1.1)) (&& (== net5.0) (< netstandard2.0)) (&& (== net5.0) (>= xamarinios)) (&& (== net5.0) (>= xamarinmac)) (&& (== net5.0) (>= xamarintvos)) (&& (== net5.0) (>= xamarinwatchos)) (== netstandard2.0) (== netstandard2.1)
      System.Numerics.Vectors (>= 4.4) - restriction: || (&& (== net5.0) (< netcoreapp2.0)) (== netstandard2.0) (== netstandard2.1)
      System.Runtime.CompilerServices.Unsafe (>= 4.5.3) - restriction: || (&& (== net5.0) (>= monotouch)) (&& (== net5.0) (>= net461)) (&& (== net5.0) (< netcoreapp2.0)) (&& (== net5.0) (< netcoreapp2.1)) (&& (== net5.0) (< netstandard1.1)) (&& (== net5.0) (< netstandard2.0)) (&& (== net5.0) (>= uap10.1)) (&& (== net5.0) (>= xamarinios)) (&& (== net5.0) (>= xamarinmac)) (&& (== net5.0) (>= xamarintvos)) (&& (== net5.0) (>= xamarinwatchos)) (== netstandard2.0) (== netstandard2.1)
    System.Numerics.Vectors (4.5) - restriction: || (&& (== net5.0) (< netcoreapp2.0)) (== netstandard2.0) (== netstandard2.1)
    System.Reflection.Metadata (6.0)
      System.Collections.Immutable (>= 6.0)
    System.Runtime.CompilerServices.Unsafe (6.0)
    System.Text.Encoding.CodePages (6.0)
      System.Memory (>= 4.5.4) - restriction: || (&& (== net5.0) (>= net461)) (&& (== net5.0) (< netcoreapp3.1)) (== netstandard2.0) (== netstandard2.1)
      System.Runtime.CompilerServices.Unsafe (>= 6.0)
    System.Threading.Tasks.Extensions (4.5.4)
      System.Runtime.CompilerServices.Unsafe (>= 4.5.3) - restriction: || (&& (== net5.0) (>= net461)) (&& (== net5.0) (< netcoreapp2.1)) (&& (== net5.0) (< netstandard1.0)) (&& (== net5.0) (< netstandard2.0)) (&& (== net5.0) (>= wp8)) (== netstandard2.0) (== netstandard2.1)
